GEM
  remote: https://rubygems.org/
  specs:
    byebug (9.0.6)
    colorize (0.8.1)
    mysql2 (0.4.5)

PLATFORMS
  ruby

DEPENDENCIES
  byebug
  colorize
  mysql2

BUNDLED WITH
   1.11.2
