GEM
  remote: https://rubygems.org/
  specs:
    mysql2 (0.4.5)

PLATFORMS
  ruby

DEPENDENCIES
  mysql2

BUNDLED WITH
   1.11.2
