GEM
  remote: https://rubygems.org/
  specs:
    byebug (3.5.0)
      columnize (~> 0.8)
      debugger-linecache (~> 1.2)
      slop (~> 3.6)
    colorize (0.8.1)
    columnize (0.9.0)
    debugger-linecache (1.2.0)
    parallel (1.10.0)
    slop (3.6.0)

PLATFORMS
  ruby

DEPENDENCIES
  byebug (= 3.5.0)
  colorize
  parallel

BUNDLED WITH
   1.11.2
